GEM
  remote: https://rubygems.org/
  specs:
    io-console (0.5.6)
    irb (1.2.3)
      reline (>= 0.0.1)
    reline (0.1.3)
      io-console (~> 0.5)

PLATFORMS
  ruby

DEPENDENCIES
  irb

BUNDLED WITH
   2.1.4
